GEM
  remote: https://rubygems.org/
  specs:
    activesupport (3.2.8)
      i18n (~> 0.6)
      multi_json (~> 1.0)
    attr_required (0.0.5)
    behance (0.2.0)
      faraday (~> 0.8.4)
      faraday_middleware (~> 0.8)
      json (= 1.7.5)
    daemons (1.0.10)
    eventmachine (0.12.10)
    faraday (0.8.4)
      multipart-post (~> 1.1)
    faraday_middleware (0.9.0)
      faraday (>= 0.7.4, < 0.9)
    fb_graph (2.5.5)
      httpclient (>= 2.2.0.2)
      json
      rack-oauth2 (>= 0.14.4)
      tzinfo
    haml (3.1.4)
    httpclient (2.3.0.1)
    i18n (0.6.1)
    json (1.7.5)
    multi_json (1.3.6)
    multipart-post (1.1.5)
    rack (1.4.1)
    rack-oauth2 (1.0.0)
      activesupport (>= 2.3)
      attr_required (>= 0.0.5)
      httpclient (>= 2.2.0.2)
      i18n
      multi_json (>= 1.3.6)
      rack (>= 1.1)
    rack-protection (1.2.0)
      rack
    simple_oauth (0.1.9)
    sinatra (1.3.3)
      rack (~> 1.3, >= 1.3.6)
      rack-protection (~> 1.2)
      tilt (~> 1.3, >= 1.3.3)
    thin (1.4.1)
      daemons (>= 1.0.9)
      eventmachine (>= 0.12.6)
      rack (>= 1.0.0)
    tilt (1.3.3)
    twitter (4.2.0)
      faraday (~> 0.8)
      multi_json (~> 1.3)
      simple_oauth (~> 0.1.6)
    tzinfo (0.3.34)

PLATFORMS
  ruby

DEPENDENCIES
  behance
  fb_graph
  haml (>= 3.1.4)
  sinatra
  thin
  twitter
